GEM
  remote: https://rubygems.org/
  specs:
    activesupport (7.0.4.3)
      concurrent-ruby (~> 1.0, >= 1.0.2)
      i18n (>= 1.6, < 2)
      minitest (>= 5.1)
      tzinfo (~> 2.0)
    addressable (2.8.1)
      public_suffix (>= 2.0.2, < 6.0)
    azure_graph_rbac (0.17.2)
      ms_rest_azure (~> 0.12.0)
    azure_mgmt_key_vault (0.17.7)
      ms_rest_azure (~> 0.12.0)
    azure_mgmt_resources (0.18.2)
      ms_rest_azure (~> 0.12.0)
    azure_mgmt_security (0.19.0)
      ms_rest_azure (~> 0.12.0)
    azure_mgmt_storage (0.23.0)
      ms_rest_azure (~> 0.12.0)
    builder (3.2.4)
    chef-utils (18.1.29)
      concurrent-ruby
    concurrent-ruby (1.2.2)
    declarative (0.0.20)
    docker-api (2.2.0)
      excon (>= 0.47.0)
      multi_json
    domain_name (0.5.20190701)
      unf (>= 0.0.5, < 1.0.0)
    dry-container (0.11.0)
      concurrent-ruby (~> 1.0)
    dry-core (0.9.1)
      concurrent-ruby (~> 1.0)
      zeitwerk (~> 2.6)
    dry-equalizer (0.3.0)
    dry-inflector (0.3.0)
    dry-logic (0.6.1)
      concurrent-ruby (~> 1.0)
      dry-core (~> 0.2)
      dry-equalizer (~> 0.2)
    dry-struct (0.5.1)
      dry-core (~> 0.4, >= 0.4.3)
      dry-equalizer (~> 0.2)
      dry-types (~> 0.13)
      ice_nine (~> 0.11)
    dry-types (0.13.4)
      concurrent-ruby (~> 1.0)
      dry-container (~> 0.3)
      dry-core (~> 0.4, >= 0.4.4)
      dry-equalizer (~> 0.2)
      dry-inflector (~> 0.1, >= 0.1.2)
      dry-logic (~> 0.4, >= 0.4.2)
    erubi (1.12.0)
    excon (0.99.0)
    faraday (1.10.3)
      faraday-em_http (~> 1.0)
      faraday-em_synchrony (~> 1.0)
      faraday-excon (~> 1.1)
      faraday-httpclient (~> 1.0)
      faraday-multipart (~> 1.0)
      faraday-net_http (~> 1.0)
      faraday-net_http_persistent (~> 1.0)
      faraday-patron (~> 1.0)
      faraday-rack (~> 1.0)
      faraday-retry (~> 1.0)
      ruby2_keywords (>= 0.0.4)
    faraday-cookie_jar (0.0.7)
      faraday (>= 0.8.0)
      http-cookie (~> 1.0.0)
    faraday-em_http (1.0.0)
    faraday-em_synchrony (1.0.0)
    faraday-excon (1.1.0)
    faraday-httpclient (1.0.1)
    faraday-multipart (1.0.4)
      multipart-post (~> 2)
    faraday-net_http (1.0.1)
    faraday-net_http_persistent (1.2.0)
    faraday-patron (1.0.0)
    faraday-rack (1.0.0)
    faraday-retry (1.0.3)
    ffi (1.15.5)
    google-api-client (0.52.0)
      addressable (~> 2.5, >= 2.5.1)
      googleauth (~> 0.9)
      httpclient (>= 2.8.1, < 3.0)
      mini_mime (~> 1.0)
      representable (~> 3.0)
      retriable (>= 2.0, < 4.0)
      rexml
      signet (~> 0.12)
    googleauth (0.14.0)
      faraday (>= 0.17.3, < 2.0)
      jwt (>= 1.4, < 3.0)
      memoist (~> 0.16)
      multi_json (~> 1.11)
      os (>= 0.9, < 2.0)
      signet (~> 0.14)
    gssapi (1.3.1)
      ffi (>= 1.0.1)
    gyoku (1.4.0)
      builder (>= 2.1.2)
      rexml (~> 3.0)
    hashdiff (1.0.1)
    http-cookie (1.0.5)
      domain_name (~> 0.5)
    httpclient (2.8.3)
    i18n (1.12.0)
      concurrent-ruby (~> 1.0)
    ice_nine (0.11.2)
    inifile (3.0.0)
    json (2.6.3)
    jsonpath (0.9.9)
      multi_json
      to_regexp (~> 0.2.1)
    jwt (2.7.0)
    k8s-client (0.10.4)
      dry-struct (~> 0.5.0)
      dry-types (~> 0.13.0)
      excon (~> 0.66)
      hashdiff (~> 1.0.0)
      jsonpath (~> 0.9.5)
      recursive-open-struct (~> 1.1.0)
      yajl-ruby (~> 1.4.0)
      yaml-safe_load_stream (~> 0.1)
    k8s-ruby (0.10.5)
      dry-struct (~> 0.5.0)
      dry-types (~> 0.13.0)
      excon (~> 0.71)
      hashdiff (~> 1.0.0)
      jsonpath (~> 0.9.5)
      recursive-open-struct (~> 1.1.0)
      yajl-ruby (~> 1.4.0)
      yaml-safe_load_stream (~> 0.1)
    little-plugger (1.1.4)
    logging (2.3.1)
      little-plugger (~> 1.1)
      multi_json (~> 1.14)
    memoist (0.16.2)
    mini_mime (1.1.2)
    minitest (5.18.0)
    mixlib-shellout (3.2.7)
      chef-utils
    ms_rest (0.7.6)
      concurrent-ruby (~> 1.0)
      faraday (>= 0.9, < 2.0.0)
      timeliness (~> 0.3.10)
    ms_rest_azure (0.12.0)
      concurrent-ruby (~> 1.0)
      faraday (>= 0.9, < 2.0.0)
      faraday-cookie_jar (~> 0.0.6)
      ms_rest (~> 0.7.6)
    multi_json (1.15.0)
    multipart-post (2.3.0)
    net-scp (4.0.0)
      net-ssh (>= 2.6.5, < 8.0.0)
    net-ssh (7.1.0)
    nori (2.6.0)
    os (1.1.4)
    public_suffix (5.0.1)
    recursive-open-struct (1.1.3)
    representable (3.2.0)
      declarative (< 0.1.0)
      trailblazer-option (>= 0.1.1, < 0.2.0)
      uber (< 0.2.0)
    retriable (3.1.2)
    rexml (3.2.5)
    ruby2_keywords (0.0.5)
    rubyntlm (0.6.3)
    rubyzip (2.3.2)
    signet (0.17.0)
      addressable (~> 2.8)
      faraday (>= 0.17.5, < 3.a)
      jwt (>= 1.5, < 3.0)
      multi_json (~> 1.10)
    timeliness (0.3.10)
    to_regexp (0.2.1)
    trailblazer-option (0.1.2)
    train (3.10.7)
      activesupport (>= 6.0.3.1)
      azure_graph_rbac (~> 0.16)
      azure_mgmt_key_vault (~> 0.17)
      azure_mgmt_resources (~> 0.15)
      azure_mgmt_security (~> 0.18)
      azure_mgmt_storage (~> 0.18)
      docker-api (>= 1.26, < 3.0)
      google-api-client (>= 0.23.9, <= 0.52.0)
      googleauth (>= 0.6.6, <= 0.14.0)
      inifile (~> 3.0)
      train-core (= 3.10.7)
      train-winrm (~> 0.2)
    train-core (3.10.7)
      addressable (~> 2.5)
      ffi (!= 1.13.0)
      json (>= 1.8, < 3.0)
      mixlib-shellout (>= 2.0, < 4.0)
      net-scp (>= 1.2, < 5.0)
      net-ssh (>= 2.9, < 8.0)
    train-kubernetes (0.1.10)
      k8s-ruby (= 0.10.5)
      train (~> 3.0)
    train-winrm (0.2.13)
      winrm (>= 2.3.6, < 3.0)
      winrm-elevated (~> 1.2.2)
      winrm-fs (~> 1.0)
    tzinfo (2.0.6)
      concurrent-ruby (~> 1.0)
    uber (0.1.0)
    unf (0.1.4)
      unf_ext
    unf_ext (0.0.8.2)
    winrm (2.3.6)
      builder (>= 2.1.2)
      erubi (~> 1.8)
      gssapi (~> 1.2)
      gyoku (~> 1.0)
      httpclient (~> 2.2, >= 2.2.0.2)
      logging (>= 1.6.1, < 3.0)
      nori (~> 2.0)
      rubyntlm (~> 0.6.0, >= 0.6.3)
    winrm-elevated (1.2.3)
      erubi (~> 1.8)
      winrm (~> 2.0)
      winrm-fs (~> 1.0)
    winrm-fs (1.3.5)
      erubi (~> 1.8)
      logging (>= 1.6.1, < 3.0)
      rubyzip (~> 2.0)
      winrm (~> 2.0)
    yajl-ruby (1.4.3)
    yaml-safe_load_stream (0.1.1)
    zeitwerk (2.6.7)

PLATFORMS
  ruby

DEPENDENCIES
  k8s-client (= 0.10.4)
  train-kubernetes

BUNDLED WITH
   2.1.4
